PATH
  remote: /Users/mattt/Code/Ruby/sinatra-param
  specs:
    sinatra-param (1.4.0)
      sinatra (>= 1.3)

GEM
  remote: https://rubygems.org/
  specs:
    json (2.1.0)
    kgio (2.11.2)
    mustermann (1.0.2)
    rack (2.0.4)
    rack-protection (2.0.1)
      rack
    raindrops (0.19.0)
    sinatra (2.0.1)
      mustermann (~> 1.0)
      rack (~> 2.0)
      rack-protection (= 2.0.1)
      tilt (~> 2.0)
    tilt (2.0.8)
    unicorn (5.4.0)
      kgio (~> 2.6)
      raindrops (~> 0.7)

PLATFORMS
  ruby

DEPENDENCIES
  json (~> 2.1.0)
  sinatra (~> 2.0.1)
  sinatra-param!
  unicorn (~> 5.4.0)

RUBY VERSION
   ruby 2.4.1p111

BUNDLED WITH
   1.16.0
